GEM
  remote: https://rubygems.org/
  specs:
    puma (3.10.0)

PLATFORMS
  ruby

DEPENDENCIES
  puma

BUNDLED WITH
   1.16.1
