GEM
  remote: https://rubygems.org/
  specs:
    activemodel (5.0.1)
      activesupport (= 5.0.1)
    activerecord (5.0.1)
      activemodel (= 5.0.1)
      activesupport (= 5.0.1)
      arel (~> 7.0)
    activesupport (5.0.1)
      concurrent-ruby (~> 1.0, >= 1.0.2)
      i18n (~> 0.7)
      minitest (~> 5.1)
      tzinfo (~> 1.1)
    arel (7.1.4)
    climate_control (0.1.0)
    cocaine (0.5.1)
      climate_control (>= 0.0.3, < 1.0)
    concurrent-ruby (1.0.4)
    i18n (0.7.0)
    minitest (5.10.1)
    psql (0.0.1)
      cocaine (= 0.5.1)
    thread_safe (0.3.5)
    tzinfo (1.2.2)
      thread_safe (~> 0.1)

PLATFORMS
  ruby

DEPENDENCIES
  activerecord
  psql

BUNDLED WITH
   1.11.2
