GEM
  remote: https://rubygems.org/
  specs:
    bson (4.2.2)
    coderay (1.1.2)
    method_source (0.9.0)
    mongo (2.4.3)
      bson (>= 4.2.1, < 5.0.0)
    pry (0.11.3)
      coderay (~> 1.1.0)
      method_source (~> 0.9.0)
    puma (3.11.0)

PLATFORMS
  ruby

DEPENDENCIES
  mongo
  pry
  puma

BUNDLED WITH
   1.15.4
