GEM
  remote: https://rubygems.org/
  specs:
    coderay (1.1.2)
    method_source (0.9.0)
    pry (0.11.3)
      coderay (~> 1.1.0)
      method_source (~> 0.9.0)
    puma (3.11.0)
    rack (2.0.3)
    rack-timeout (0.4.2)
    rake (12.3.0)

PLATFORMS
  ruby

DEPENDENCIES
  pry
  puma
  rack
  rack-timeout
  rake

BUNDLED WITH
   1.16.0.pre.2
