GEM
  remote: https://rubygems.org/
  specs:
    activesupport (5.0.7.2)
      concurrent-ruby (~> 1.0, >= 1.0.2)
      i18n (>= 0.7, < 2)
      minitest (~> 5.1)
      tzinfo (~> 1.1)
    coderay (1.1.3)
    concurrent-ruby (1.1.7)
    i18n (1.8.5)
      concurrent-ruby (~> 1.0)
    method_source (1.0.0)
    minitest (5.14.2)
    pry (0.13.1)
      coderay (~> 1.1)
      method_source (~> 1.0)
    thread_safe (0.3.6)
    tzinfo (1.2.9)
      thread_safe (~> 0.1)

PLATFORMS
  x86_64-darwin-18

DEPENDENCIES
  activesupport (= 5.0.7.2)
  pry

BUNDLED WITH
   2.2.3
